GEM
  remote: https://rubygems.org/
  specs:
    em-zeromq (0.3.0)
      eventmachine (= 1.0.0.beta.4)
      ffi (>= 1.0.0)
      ffi-rzmq (= 0.9.3)
    eventmachine (1.0.0.beta.4)
    ffi (1.1.5)
    ffi-rzmq (0.9.3)
      ffi

PLATFORMS
  ruby

DEPENDENCIES
  em-zeromq (= 0.3.0)
